GENERATE-LOAD-SCRIPTS: ON
RESTRICTION: == net47
NUGET
  remote: https://www.nuget.org/api/v2
    Argu (6.0)
    AsyncIO (0.1.40)
    Baseclass.Contrib.Nuget.Output (2.4.3)
    BouncyCastle (1.8.2)
    FAKE (4.64.13)
    FParsec (1.0.3)
      FSharp.Core (>= 4.0.0.1)
    FsBech32 (0.1.0.7)
      FSharp.Compiler.Tools
      FSharp.Core
    FsCheck (2.11)
      FSharp.Core (>= 4.0.0.1)
    FSharp.Compatibility.OCaml (0.1.14)
      FSharp.Core (>= 4.3.4)
    FSharp.Compiler.Tools (10.2.1)
    FSharp.Configuration (1.4)
      FSharp.Core (>= 4.0.0.1)
    FSharp.Control.AsyncSeq (2.0.21)
      FSharp.Core (>= 3.1.2)
    FSharp.Control.Reactive (4.0)
      FSharp.Core (>= 4.2.3)
      System.Reactive (>= 3.1.1)
    FSharp.Core (4.3.4)
    FSharp.Data (2.4.6)
    FSharpx.Async (1.13.2)
      FSharp.Control.AsyncSeq
      FSharp.Core
    FSharpx.Collections (1.17)
      FSharp.Core
    FSharpx.Extras (2.2.1)
      FSharpx.Async
      FSharpx.Collections
    FsNetMQ (0.2.8)
      FSharp.Core
      NetMQ (>= 4.0.0.175-pre)
    FsPickler (5.2)
      FSharp.Core (>= 3.1.2)
    Hopac (0.3.23)
      FSharp.Core (>= 3.1.2.5)
    Logary (4.2.1)
      FParsec (>= 1.0.2)
      FSharp.Core (>= 4.0.0.1)
      Hopac (>= 0.3.23)
      NodaTime (>= 1.3.2)
    Microsoft.NETCore.Platforms (2.0.2)
    NetMQ (4.0.0.175-pre)
      AsyncIO (>= 0.1.40)
    NETStandard.Library (2.0.3)
      Microsoft.NETCore.Platforms (>= 1.1)
    NodaTime (1.3.2)
    NUnit (3.8.1)
    System.Collections.Immutable (1.4)
      NETStandard.Library (>= 1.6.1)
    System.Reactive (4.1)
      System.Threading.Tasks.Extensions (>= 4.5.1)
      System.ValueTuple (>= 4.4)
    System.Reactive.Compatibility (4.0)
      System.Reactive.Core (>= 4.0)
      System.Reactive.Experimental (>= 4.0)
      System.Reactive.Interfaces (>= 4.0)
      System.Reactive.Linq (>= 4.0)
      System.Reactive.PlatformServices (>= 4.0)
      System.Reactive.Providers (>= 4.0)
      System.Reactive.Runtime.Remoting (>= 4.0)
      System.Reactive.Windows.Forms (>= 4.0)
      System.Reactive.Windows.Threading (>= 4.0)
    System.Reactive.Core (4.0)
      System.Reactive (>= 4.0)
    System.Reactive.Experimental (4.0)
      System.Reactive (>= 4.0)
    System.Reactive.Interfaces (4.0)
      System.Reactive (>= 4.0)
    System.Reactive.Linq (4.0)
      System.Reactive (>= 4.0)
    System.Reactive.PlatformServices (4.1)
      System.Reactive (>= 4.1)
      System.Threading.Tasks.Extensions (>= 4.5.1)
    System.Reactive.Providers (4.0)
      System.Reactive (>= 4.0)
    System.Reactive.Runtime.Remoting (4.0)
      System.Reactive (>= 4.0)
    System.Reactive.Windows.Forms (4.0)
      System.Reactive (>= 4.0)
    System.Reactive.Windows.Threading (4.1)
      System.Reactive (>= 4.1)
      System.Threading.Tasks.Extensions (>= 4.5.1)
    System.Reflection.Metadata (1.4.2)
      System.Collections.Immutable (>= 1.3.1)
    System.Runtime.CompilerServices.Unsafe (4.5.1)
    System.Threading.Tasks.Extensions (4.5.1)
      System.Runtime.CompilerServices.Unsafe (>= 4.5)
    System.ValueTuple (4.4)
    Zen.FSharp.Compiler.Service (17.0.2)
      System.Collections.Immutable (>= 1.3.1)
      System.Reflection.Metadata (>= 1.4.2)
    zen_secp256k1_linux (0.1.0.18)
      Baseclass.Contrib.Nuget.Output (>= 2.4)
    ZFS-Tools (0.0.24)
    ZFStar (0.0.26)
  remote: https://www.myget.org/f/zenprotocol
    Consensus (0.9.21)
      BouncyCastle
      FsBech32 (>= 0.1.0.7)
      FSharp.Compatibility.OCaml
      FSharp.Core (4.3.4)
      FSharpx.Extras
      FsNetMQ (>= 0.2.8)
      FsPickler
      Infrastructure (>= 0.9.21)
      Logary
      Zulib (>= 0.0.1)
    Infrastructure (0.9.21)
      BouncyCastle
      FSharp.Compiler.Tools (>= 10.0.2)
      FSharp.Control.Reactive
      FSharp.Core (4.3.4)
      FSharp.Data
      FSharpx.Extras
      FsNetMQ (>= 0.2.8)
      FsPickler
      Logary
      System.Reactive.Compatibility
      Zen.FSharp.Compiler.Service (17.0.2)
      ZFS-Tools (0.0.24)
      ZFStar (0.0.26)
    zen_secp256k1_osx (0.1.0.26-v6ad5cdb42a1a)
    zen_z3_linux (4.5.1.8-v1f29cebd4df)
    zen_z3_osx (4.5.1.8-v1f29cebd4df6)
    zen_z3_windows (4.5.1.7-v1f29cebd4df)
    Zulib (0.3.37)
      BouncyCastle
      FAKE (>= 4.0 < 5.0)
      FsBech32 (>= 0.1.0.7)
      FsCheck
      FSharp.Compatibility.OCaml
      FSharpx.Collections
      NUnit
      Zen.FSharp.Compiler.Service (17.0.2)
      zen_z3_linux (4.5.1.8-v1f29cebd4df)
      zen_z3_osx (4.5.1.8-v1f29cebd4df6)
      zen_z3_windows (4.5.1.7-v1f29cebd4df)
      ZFStar (0.0.26)
